NUGET
  remote: https://www.nuget.org/api/v2
    MinVer (1.0.0-beta.4)
